GEM
  remote: https://rubygems.org/
  specs:
    args_parser (0.2.0)
    backports (3.6.8)
    dnssd (3.0.1)
    hashie (3.4.6)
    httparty (0.14.0)
      multi_xml (>= 0.5.2)
    irkit (0.1.0)
      args_parser
      dnssd
      hashie
      httparty
      json
    json (2.0.2)
    kgio (2.11.0)
    multi_json (1.12.1)
    multi_xml (0.6.0)
    rack (1.6.5)
    rack-protection (1.5.3)
      rack
    rack-test (0.6.3)
      rack (>= 1.0)
    raindrops (0.17.0)
    sinatra (1.4.7)
      rack (~> 1.5)
      rack-protection (~> 1.4)
      tilt (>= 1.3, < 3)
    sinatra-contrib (1.4.7)
      backports (>= 2.0)
      multi_json
      rack-protection
      rack-test
      sinatra (~> 1.4.0)
      tilt (>= 1.3, < 3)
    slim (3.0.7)
      temple (~> 0.7.6)
      tilt (>= 1.3.3, < 2.1)
    temple (0.7.7)
    tilt (2.0.5)
    unicorn (5.2.0)
      kgio (~> 2.6)
      raindrops (~> 0.7)

PLATFORMS
  ruby

DEPENDENCIES
  irkit
  sinatra
  sinatra-contrib
  slim
  unicorn

BUNDLED WITH
   1.13.7
